GEM
  remote: https://rubygems.org/
  specs:
    mustermann (3.0.3)
      ruby2_keywords (~> 0.0.1)
    rack (2.2.10)
    rack-protection (3.0.0)
      rack
    ruby2_keywords (0.0.5)
    sinatra (3.0.0)
      mustermann (~> 3.0)
      rack (~> 2.2, >= 2.2.4)
      rack-protection (= 3.0.0)
      tilt (~> 2.0)
    tilt (2.4.0)

PLATFORMS
  x86_64-linux

DEPENDENCIES
  sinatra (= 3.0.0)

RUBY VERSION
   ruby 2.7.5p203

BUNDLED WITH
   2.4.3
